GEM
  remote: https://rubygems.org/
  specs:
    waterfall (1.0.3)

PLATFORMS
  ruby

DEPENDENCIES
  waterfall

BUNDLED WITH
   1.13.1
